GEM
  remote: http://rubygems.org/
  specs:
    mustermann (1.0.2)
    pg (1.0.0)
    rack (2.0.4)
    rack-protection (2.0.1)
      rack
    sequel (5.6.0)
    sinatra (2.0.1)
      mustermann (~> 1.0)
      rack (~> 2.0)
      rack-protection (= 2.0.1)
      tilt (~> 2.0)
    tilt (2.0.8)

PLATFORMS
  ruby

DEPENDENCIES
  pg
  sequel
  sinatra

BUNDLED WITH
   1.16.1
